GEM
  remote: https://rubygems.org/
  specs:
    multi_json (1.3.7)
    nokogiri (1.5.9)
    rack (1.5.2)
    rack-protection (1.5.0)
      rack
    redis (3.0.3)
    roo (1.11.2)
      nokogiri
      rubyzip
      spreadsheet (> 0.6.4)
    ruby-ole (1.2.11.6)
    rubyzip (0.9.9)
    sinatra (1.4.2)
      rack (~> 1.5, >= 1.5.2)
      rack-protection (~> 1.4)
      tilt (~> 1.3, >= 1.3.4)
    sinatra-jsonp (0.4.1)
      multi_json (~> 1.3.7)
      sinatra (~> 1.0)
    spreadsheet (0.8.4)
      ruby-ole (>= 1.0)
    tilt (1.3.7)

PLATFORMS
  ruby

DEPENDENCIES
  redis
  roo
  sinatra
  sinatra-jsonp
