GEM
  remote: https://rubygems.org/
  specs:
    newrelic_rpm (3.6.0.78)
    nokogiri (1.5.9)
    puma (2.6.0)
      rack (>= 1.1, < 2.0)
    rack (1.5.2)
    rack-protection (1.5.0)
      rack
    rake (12.3.1)
    redis (3.0.3)
    roo (1.11.2)
      nokogiri
      rubyzip
      spreadsheet (> 0.6.4)
    ruby-ole (1.2.11.6)
    rubyzip (0.9.9)
    sinatra (1.4.2)
      rack (~> 1.5, >= 1.5.2)
      rack-protection (~> 1.4)
      tilt (~> 1.3, >= 1.3.4)
    spreadsheet (0.8.4)
      ruby-ole (>= 1.0)
    tilt (1.3.7)

PLATFORMS
  ruby

DEPENDENCIES
  newrelic_rpm
  puma
  rake
  redis
  roo
  sinatra

RUBY VERSION
   ruby 2.4.1p111

BUNDLED WITH
   1.16.0
